GEM
  remote: https://rubygems.org/
  specs:
    fakeredis (0.5.0)
      redis (~> 3.0)
    mail (2.6.1)
      mime-types (>= 1.16, < 3)
    mime-types (2.3)
    minitest (5.3.2)
    pony (1.11)
      mail (>= 2.0)
    redis (3.1.0)

PLATFORMS
  ruby

DEPENDENCIES
  fakeredis
  minitest
  pony
  redis
