GEM
  remote: https://rubygems.org/
  specs:
    mail (2.6.1)
      mime-types (>= 1.16, < 3)
    mime-types (2.4.1)
    minitest (5.4.2)
    pony (1.11)
      mail (>= 2.0)
    redis (3.1.0)

PLATFORMS
  ruby

DEPENDENCIES
  minitest
  pony
  redis
